GEM
  remote: https://rubygems.org/
  specs:
    celluloid (0.15.2)
      timers (~> 1.1.0)
    celluloid-zmq (0.15.0)
      celluloid (>= 0.13.0)
      ffi
      ffi-rzmq
    ffi (1.9.0)
    ffi (1.9.0-java)
    ffi-rzmq (1.0.3)
      ffi
    json (1.8.1)
    json (1.8.1-java)
    little-plugger (1.1.3)
    logging (1.8.1)
      little-plugger (>= 1.1.3)
      multi_json (>= 1.3.6)
    multi_json (1.8.2)
    timers (1.1.0)

PLATFORMS
  java
  ruby

DEPENDENCIES
  celluloid-zmq
  json
  logging
